GEM
  remote: https://rubygems.org/
  specs:
    addressable (2.3.8)
    adsf (1.2.0)
      rack (>= 1.0.0)
    autoprefixer-rails (6.0.3)
      execjs
      json
    bootstrap-bookingsync-sass (0.0.14)
      bootstrap-sass (>= 3.3.5)
    bootstrap-sass (3.3.5.1)
      autoprefixer-rails (>= 5.0.0.1)
      sass (>= 3.3.0)
    chunky_png (1.3.4)
    coderay (1.1.0)
    colored (1.2)
    compass (1.0.3)
      chunky_png (~> 1.2)
      compass-core (~> 1.0.2)
      compass-import-once (~> 1.0.5)
      rb-fsevent (>= 0.9.3)
      rb-inotify (>= 0.9)
      sass (>= 3.3.13, < 3.5)
    compass-core (1.0.3)
      multi_json (~> 1.0)
      sass (>= 3.3.0, < 3.5)
    compass-import-once (1.0.5)
      sass (>= 3.2, < 3.5)
    cri (2.7.0)
      colored (~> 1.2)
    em-websocket (0.5.1)
      eventmachine (>= 0.12.9)
      http_parser.rb (~> 0.6.0)
    eventmachine (1.0.8)
    execjs (2.6.0)
    ffi (1.10.0)
    formatador (0.2.5)
    guard (2.13.0)
      formatador (>= 0.2.4)
      listen (>= 2.7, <= 4.0)
      lumberjack (~> 1.0)
      nenv (~> 0.1)
      notiffany (~> 0.0)
      pry (>= 0.9.12)
      shellany (~> 0.0)
      thor (>= 0.18.1)
    guard-bundler (2.1.0)
      bundler (~> 1.0)
      guard (~> 2.2)
      guard-compat (~> 1.1)
    guard-compat (1.2.1)
    guard-livereload (2.4.0)
      em-websocket (~> 0.5)
      guard (~> 2.8)
      multi_json (~> 1.8)
    guard-nanoc (1.0.3)
      guard (~> 2.8)
      nanoc (~> 3.6)
    guard-pow (2.0.0)
      guard (~> 2.0)
    http_parser.rb (0.6.0)
    json (2.1.0)
    kramdown (1.9.0)
    launchy (2.4.3)
      addressable (~> 2.3)
    listen (3.0.3)
      rb-fsevent (>= 0.9.3)
      rb-inotify (>= 0.9)
    lumberjack (1.0.9)
    method_source (0.8.2)
    mini_portile2 (2.8.0)
    multi_json (1.11.2)
    nanoc (3.8.0)
      cri (~> 2.3)
    nenv (0.2.0)
    nokogiri (1.13.9)
      mini_portile2 (~> 2.8.0)
      racc (~> 1.4)
    notiffany (0.0.8)
      nenv (~> 0.1)
      shellany (~> 0.0)
    posix-spawn (0.3.11)
    pry (0.10.2)
      coderay (~> 1.1.0)
      method_source (~> 0.8.1)
      slop (~> 3.4)
    pygments.rb (0.6.3)
      posix-spawn (~> 0.3.6)
      yajl-ruby (~> 1.2.0)
    racc (1.6.0)
    rack (2.0.6)
    rake (10.4.2)
    rb-fsevent (0.9.6)
    rb-inotify (0.9.5)
      ffi (>= 0.5.0)
    sass (3.4.19)
    shellany (0.0.1)
    slop (3.6.0)
    thor (0.19.1)
    yajl-ruby (1.2.3)

PLATFORMS
  ruby

DEPENDENCIES
  adsf
  bootstrap-bookingsync-sass
  coderay
  compass
  guard-bundler
  guard-livereload
  guard-nanoc
  guard-pow
  kramdown
  launchy
  nanoc
  nokogiri
  pygments.rb
  rake

BUNDLED WITH
   1.16.3
